GEM
  remote: https://rubygems.org/
  specs:
    rack (1.6.0)
    rack-reverse-proxy (0.4.4)
      rack (>= 1.0.0)

PLATFORMS
  ruby

DEPENDENCIES
  rack (~> 1.6)
  rack-reverse-proxy (~> 0.4)
